GEM
  remote: https://rubygems.org/
  specs:
    diff-lcs (1.5.0)
    httparty (0.21.0)
      mini_mime (>= 1.0.0)
      multi_xml (>= 0.5.2)
    mini_mime (1.1.2)
    multi_xml (0.6.0)
    nokogiri (1.13.10-arm64-darwin)
      racc (~> 1.4)
    racc (1.6.2)
    rspec (3.12.0)
      rspec-core (~> 3.12.0)
      rspec-expectations (~> 3.12.0)
      rspec-mocks (~> 3.12.0)
    rspec-core (3.12.1)
      rspec-support (~> 3.12.0)
    rspec-expectations (3.12.2)
      diff-lcs (>= 1.2.0, < 2.0)
      rspec-support (~> 3.12.0)
    rspec-mocks (3.12.5)
      diff-lcs (>= 1.2.0, < 2.0)
      rspec-support (~> 3.12.0)
    rspec-support (3.12.0)
    ruby-openai (3.5.0)
      httparty (>= 0.18.1)
    wolfram (0.2.1)
      nokogiri (>= 1.4.3)

PLATFORMS
  arm64-darwin-22

DEPENDENCIES
  rspec
  ruby-openai (~> 3.5.0)
  wolfram

BUNDLED WITH
   2.3.26
