GEM
  remote: https://rubygems.org/
  specs:
    httparty (0.21.0)
      mini_mime (>= 1.0.0)
      multi_xml (>= 0.5.2)
    mini_mime (1.1.2)
    multi_xml (0.6.0)
    ruby-openai (3.5.0)
      httparty (>= 0.18.1)

PLATFORMS
  arm64-darwin-22

DEPENDENCIES
  ruby-openai (~> 3.5.0)

BUNDLED WITH
   2.3.26
